PATH
  remote: .
  specs:
    kamehameha (0.1.0)
      thor (= 0.20.0)

GEM
  remote: https://rubygems.org/
  specs:
    minitest (5.11.3)
    rake (13.0.1)
    thor (0.20.0)

PLATFORMS
  ruby

DEPENDENCIES
  bundler (~> 1.16)
  kamehameha!
  minitest (~> 5.0)
  rake (~> 13.0)

BUNDLED WITH
   1.16.2
